PATH
  remote: .
  specs:
    stacker (0.3.0)
      activesupport (~> 4.0)
      aws-sdk (~> 1.25)
      coderay (~> 1.1)
      diffy (~> 3.0)
      indentation (~> 0.0)
      memoist (~> 0.14.0)
      rainbow (~> 1.1)
      thor (~> 0.18)

GEM
  remote: https://rubygems.org/
  specs:
    activesupport (4.2.7)
      i18n (~> 0.7)
      json (~> 1.7, >= 1.7.7)
      minitest (~> 5.1)
      thread_safe (~> 0.3, >= 0.3.4)
      tzinfo (~> 1.1)
    aws-sdk (1.66.0)
      aws-sdk-v1 (= 1.66.0)
    aws-sdk-v1 (1.66.0)
      json (~> 1.4)
      nokogiri (>= 1.4.4)
    coderay (1.1.1)
    diff-lcs (1.2.5)
    diffy (3.1.0)
    i18n (0.7.0)
    indentation (0.1.1)
    json (1.8.3)
    memoist (0.14.0)
    mini_portile2 (2.1.0)
    minitest (5.9.0)
    nokogiri (1.6.8)
      mini_portile2 (~> 2.1.0)
      pkg-config (~> 1.1.7)
    pkg-config (1.1.7)
    rainbow (1.99.2)
    rake (10.4.2)
    rspec (2.99.0)
      rspec-core (~> 2.99.0)
      rspec-expectations (~> 2.99.0)
      rspec-mocks (~> 2.99.0)
    rspec-core (2.99.2)
    rspec-expectations (2.99.2)
      diff-lcs (>= 1.1.3, < 2.0)
    rspec-mocks (2.99.2)
    thor (0.19.1)
    thread_safe (0.3.5)
    tzinfo (1.2.2)
      thread_safe (~> 0.1)

PLATFORMS
  ruby

DEPENDENCIES
  rake (~> 10.4)
  rspec (~> 2.99)
  stacker!
